GEM
  remote: https://rubygems.org/
  specs:
    mustache (0.99.6)

PLATFORMS
  ruby

DEPENDENCIES
  mustache
